PATH
  remote: .
  specs:
    onc_certification_g10_test_kit (7.2.0.dev)
      bloomer (~> 1.0.0)
      colorize (~> 0.8.1)
      inferno_core (~> 0.6.7)
      json-jwt (~> 1.15.3)
      mime-types (~> 3.4.0)
      ndjson (~> 1.0.0)
      rubyzip (~> 2.3.2)
      smart_app_launch_test_kit (= 0.6.1)
      tls_test_kit (= 0.3.0)
      us_core_test_kit (= 0.11.1)

GEM
  remote: https://rubygems.org/
  specs:
    activesupport (6.1.7.10)
      concurrent-ruby (~> 1.0, >= 1.0.2)
      i18n (>= 1.6, < 2)
      minitest (>= 5.1)
      tzinfo (~> 2.0)
      zeitwerk (~> 2.3)
    addressable (2.8.7)
      public_suffix (>= 2.0.2, < 7.0)
    aes_key_wrap (1.1.0)
    ast (2.4.2)
    base62-rb (0.3.1)
    base64 (0.2.0)
    bcp47 (0.3.3)
      i18n
    bigdecimal (3.1.9)
    bindata (2.5.0)
    bitarray (1.3.1)
    bloomer (1.0.0)
      bitarray
      msgpack
    blueprinter (0.25.2)
    byebug (12.0.0)
    coderay (1.1.3)
    colorize (0.8.1)
    concurrent-ruby (1.3.4)
    connection_pool (2.5.0)
    crack (0.4.5)
      rexml
    database_cleaner (1.99.0)
    database_cleaner-sequel (1.99.0)
      database_cleaner (~> 1.99.0)
      sequel
    date_time_precision (0.8.1)
    debug (1.6.3)
      irb (>= 1.3.6)
      reline (>= 0.3.1)
    diff-lcs (1.5.0)
    domain_name (0.6.20240107)
    dotenv (2.8.1)
    dry-auto_inject (1.0.1)
      dry-core (~> 1.0)
      zeitwerk (~> 2.6)
    dry-configurable (1.0.0)
      dry-core (~> 1.0, < 2)
      zeitwerk (~> 2.6)
    dry-container (0.10.0)
      concurrent-ruby (~> 1.0)
    dry-core (1.0.0)
      concurrent-ruby (~> 1.0)
      zeitwerk (~> 2.6)
    dry-inflector (1.0.0)
    dry-system (1.0.0)
      dry-auto_inject (~> 1.0.0.rc1, < 2)
      dry-configurable (~> 1.0, < 2)
      dry-core (~> 1.0, < 2)
      dry-inflector (~> 1.0, < 2)
    dry-transformer (1.0.1)
      zeitwerk (~> 2.6)
    factory_bot (6.3.0)
      activesupport (>= 5.0.0)
    faraday (1.10.4)
      faraday-em_http (~> 1.0)
      faraday-em_synchrony (~> 1.0)
      faraday-excon (~> 1.1)
      faraday-httpclient (~> 1.0)
      faraday-multipart (~> 1.0)
      faraday-net_http (~> 1.0)
      faraday-net_http_persistent (~> 1.0)
      faraday-patron (~> 1.0)
      faraday-rack (~> 1.0)
      faraday-retry (~> 1.0)
      ruby2_keywords (>= 0.0.4)
    faraday-em_http (1.0.0)
    faraday-em_synchrony (1.0.0)
    faraday-excon (1.1.0)
    faraday-httpclient (1.0.1)
    faraday-multipart (1.1.0)
      multipart-post (~> 2.0)
    faraday-net_http (1.0.2)
    faraday-net_http_persistent (1.2.0)
    faraday-patron (1.0.0)
    faraday-rack (1.0.0)
    faraday-retry (1.0.3)
    faraday_middleware (1.2.1)
      faraday (~> 1.0)
    fhir_client (6.0.0)
      activesupport (>= 3)
      addressable (>= 2.3)
      fhir_dstu2_models (>= 1.1.1)
      fhir_models (>= 5.0.0)
      fhir_stu3_models (>= 3.1.1)
      nokogiri (>= 1.10.4)
      oauth2 (~> 1.1)
      rack (>= 1.5)
      rest-client (~> 2.0)
      tilt (>= 1.1)
    fhir_dstu2_models (1.2.0)
      bcp47 (>= 0.3)
      date_time_precision (>= 0.8)
      mime-types (>= 3.0)
      nokogiri (>= 1.11.4)
    fhir_models (5.0.0)
      bcp47 (>= 0.3)
      date_time_precision (>= 0.8)
      mime-types (>= 3.0)
      nokogiri (>= 1.11.4)
    fhir_stu3_models (3.2.0)
      bcp47 (>= 0.3)
      date_time_precision (>= 0.8)
      mime-types (>= 3.0)
      nokogiri (>= 1.11.4)
    hanami-controller (2.0.0)
      dry-configurable (~> 1.0, < 2)
      dry-core (~> 1.0)
      hanami-utils (~> 2.0)
      rack (~> 2.0)
      zeitwerk (~> 2.6)
    hanami-router (2.0.0)
      mustermann (~> 1.0)
      mustermann-contrib (~> 1.0)
      rack (~> 2.0)
    hanami-utils (2.2.0)
      concurrent-ruby (~> 1.0)
      dry-core (~> 1.0, < 2)
      dry-transformer (~> 1.0, < 2)
    hansi (0.2.1)
    hashdiff (1.0.1)
    http-accept (1.7.0)
    http-cookie (1.0.8)
      domain_name (~> 0.5)
    httpclient (2.9.0)
      mutex_m
    i18n (1.14.7)
      concurrent-ruby (~> 1.0)
    inferno_core (0.6.8)
      activesupport (~> 6.1.7.5)
      base62-rb (= 0.3.1)
      blueprinter (= 0.25.2)
      concurrent-ruby (= 1.3.4)
      dotenv (~> 2.7)
      dry-configurable (= 1.0.0)
      dry-container (= 0.10.0)
      dry-core (= 1.0.0)
      dry-inflector (= 1.0.0)
      dry-system (= 1.0.0)
      faraday (~> 1.2)
      faraday_middleware (~> 1.2)
      fhir_client (>= 5.0.3)
      fhir_models (>= 4.2.2)
      hanami-controller (= 2.0.0)
      hanami-router (= 2.0.0)
      oj (= 3.11.0)
      pastel (~> 0.8.0)
      pry
      pry-byebug
      puma (~> 5.6.7)
      rake (~> 13.0)
      sequel (~> 5.42.0)
      sidekiq (~> 7.2.4)
      sqlite3 (~> 1.4)
      thor (~> 1.2.1)
      tty-markdown (~> 0.7.1)
    io-console (0.5.11)
    irb (1.5.1)
      reline (>= 0.3.0)
    json (2.9.1)
    json-jwt (1.15.3.1)
      activesupport (>= 4.2)
      aes_key_wrap
      bindata
      httpclient
    jwt (2.10.1)
      base64
    kramdown (2.5.1)
      rexml (>= 3.3.9)
    language_server-protocol (3.17.0.4)
    method_source (1.1.0)
    mime-types (3.4.1)
      mime-types-data (~> 3.2015)
    mime-types-data (3.2025.0402)
    mini_portile2 (2.8.8)
    minitest (5.25.5)
    msgpack (1.8.0)
    multi_json (1.15.0)
    multi_xml (0.7.1)
      bigdecimal (~> 3.1)
    multipart-post (2.4.1)
    mustermann (1.1.2)
      ruby2_keywords (~> 0.0.1)
    mustermann-contrib (1.1.2)
      hansi (~> 0.2.0)
      mustermann (= 1.1.2)
    mutex_m (0.3.0)
    ndjson (1.0.0)
    netrc (0.11.0)
    nio4r (2.7.4)
    nokogiri (1.18.5)
      mini_portile2 (~> 2.8.2)
      racc (~> 1.4)
    nokogiri (1.18.5-arm64-darwin)
      racc (~> 1.4)
    nokogiri (1.18.5-x86_64-darwin)
      racc (~> 1.4)
    nokogiri (1.18.5-x86_64-linux-gnu)
      racc (~> 1.4)
    oauth2 (1.4.11)
      faraday (>= 0.17.3, < 3.0)
      jwt (>= 1.0, < 3.0)
      multi_json (~> 1.3)
      multi_xml (~> 0.5)
      rack (>= 1.2, < 4)
    oj (3.11.0)
    parallel (1.26.3)
    parser (3.3.7.1)
      ast (~> 2.4.1)
      racc
    pastel (0.8.0)
      tty-color (~> 0.5)
    pry (0.15.2)
      coderay (~> 1.1)
      method_source (~> 1.0)
    pry-byebug (3.11.0)
      byebug (~> 12.0)
      pry (>= 0.13, < 0.16)
    public_suffix (6.0.1)
    puma (5.6.9)
      nio4r (~> 2.0)
    racc (1.8.1)
    rack (2.2.13)
    rack-test (2.2.0)
      rack (>= 1.3)
    rainbow (3.1.1)
    rake (13.2.1)
    redis-client (0.24.0)
      connection_pool
    regexp_parser (2.10.0)
    reline (0.3.1)
      io-console (~> 0.5)
    rest-client (2.1.0)
      http-accept (>= 1.7.0, < 2.0)
      http-cookie (>= 1.0.2, < 2.0)
      mime-types (>= 1.16, < 4.0)
      netrc (~> 0.8)
    rexml (3.4.1)
    rouge (4.5.1)
    rspec (3.12.0)
      rspec-core (~> 3.12.0)
      rspec-expectations (~> 3.12.0)
      rspec-mocks (~> 3.12.0)
    rspec-core (3.12.0)
      rspec-support (~> 3.12.0)
    rspec-expectations (3.12.0)
      diff-lcs (>= 1.2.0, < 2.0)
      rspec-support (~> 3.12.0)
    rspec-mocks (3.12.0)
      diff-lcs (>= 1.2.0, < 2.0)
      rspec-support (~> 3.12.0)
    rspec-support (3.12.0)
    rubocop (1.71.2)
      json (~> 2.3)
      language_server-protocol (>= 3.17.0)
      parallel (~> 1.10)
      parser (>= 3.3.0.2)
      rainbow (>= 2.2.2, < 4.0)
      regexp_parser (>= 2.9.3, < 3.0)
      rubocop-ast (>= 1.38.0, < 2.0)
      ruby-progressbar (~> 1.7)
      unicode-display_width (>= 2.4.0, < 4.0)
    rubocop-ast (1.38.0)
      parser (>= 3.3.1.0)
    rubocop-rspec (3.4.0)
      rubocop (~> 1.61)
    ruby-progressbar (1.13.0)
    ruby2_keywords (0.0.5)
    rubyXL (3.4.25)
      nokogiri (>= 1.10.8)
      rubyzip (>= 1.3.0)
    rubyzip (2.3.2)
    sequel (5.42.0)
    sidekiq (7.2.4)
      concurrent-ruby (< 2)
      connection_pool (>= 2.3.0)
      rack (>= 2.2.4)
      redis-client (>= 0.19.0)
    smart_app_launch_test_kit (0.6.1)
      inferno_core (>= 0.6.3)
      json-jwt (~> 1.15.3)
      jwt (~> 2.6)
      tls_test_kit (~> 0.3.0)
    sqlite3 (1.7.3)
      mini_portile2 (~> 2.8.0)
    sqlite3 (1.7.3-arm64-darwin)
    sqlite3 (1.7.3-x86_64-darwin)
    sqlite3 (1.7.3-x86_64-linux)
    strings (0.2.1)
      strings-ansi (~> 0.2)
      unicode-display_width (>= 1.5, < 3.0)
      unicode_utils (~> 1.4)
    strings-ansi (0.2.0)
    thor (1.2.2)
    tilt (2.6.0)
    tls_test_kit (0.3.0)
      inferno_core (>= 0.6.2)
    tty-color (0.6.0)
    tty-markdown (0.7.2)
      kramdown (>= 1.16.2, < 3.0)
      pastel (~> 0.8)
      rouge (>= 3.14, < 5.0)
      strings (~> 0.2.0)
      tty-color (~> 0.5)
      tty-screen (~> 0.8)
    tty-screen (0.8.2)
    tzinfo (2.0.6)
      concurrent-ruby (~> 1.0)
    unicode-display_width (2.6.0)
    unicode_utils (1.4.0)
    us_core_test_kit (0.11.1)
      inferno_core (>= 0.6.8)
      smart_app_launch_test_kit (>= 0.6.1)
      tls_test_kit (~> 0.3.0)
    webmock (3.18.1)
      addressable (>= 2.8.0)
      crack (>= 0.3.2)
      hashdiff (>= 0.4.0, < 2.0.0)
    zeitwerk (2.7.2)

PLATFORMS
  arm64-darwin-21
  ruby
  x86_64-darwin-20
  x86_64-linux

DEPENDENCIES
  database_cleaner-sequel
  debug
  factory_bot (~> 6.1)
  onc_certification_g10_test_kit!
  rack-test
  rspec (~> 3.10)
  rubocop (~> 1.9)
  rubocop-rspec
  rubyXL
  webmock (~> 3.11)

BUNDLED WITH
   2.5.22
